GEM
  remote: https://rubygems.org/
  specs:
    nokogiri (1.12.2-x64-mingw32)
      racc (~> 1.4)
    racc (1.5.2)

PLATFORMS
  x64-mingw32

DEPENDENCIES
  nokogiri

BUNDLED WITH
   2.2.22
